GEM
  remote: https://rubygems.org/
  specs:
    opengl (0.8.0)
    ruby-opengl (0.61.0)
      opengl

PLATFORMS
  ruby

DEPENDENCIES
  ruby-opengl
