GEM
  remote: https://rubygems.org/
  specs:
    bcrypt (3.1.15)

PLATFORMS
  ruby

DEPENDENCIES
  bcrypt

BUNDLED WITH
   2.1.2
